GEM
  remote: https://rubygems.org/
  specs:
    addressable (2.5.2)
      public_suffix (>= 2.0.2, < 4.0)
    apiaryio (0.11.1)
      json (~> 1.8)
      launchy (~> 2.4)
      listen (~> 2.0)
      rack (~> 2.0.0)
      rest-client (~> 2.0)
      thor (~> 0.19.1)
    celluloid (0.16.0)
      timers (~> 4.0.0)
    domain_name (0.5.20180417)
      unf (>= 0.0.5, < 1.0.0)
    ffi (1.9.25)
    hitimes (1.3.0)
    http-cookie (1.0.3)
      domain_name (~> 0.5)
    json (1.8.6)
    launchy (2.4.3)
      addressable (~> 2.3)
    listen (2.10.1)
      celluloid (~> 0.16.0)
      rb-fsevent (>= 0.9.3)
      rb-inotify (>= 0.9)
    mime-types (3.1)
      mime-types-data (~> 3.2015)
    mime-types-data (3.2016.0521)
    netrc (0.11.0)
    public_suffix (3.0.2)
    rack (2.0.5)
    rb-fsevent (0.10.3)
    rb-inotify (0.9.10)
      ffi (>= 0.5.0, < 2)
    rest-client (2.0.2)
      http-cookie (>= 1.0.2, < 2.0)
      mime-types (>= 1.16, < 4.0)
      netrc (~> 0.8)
    thor (0.19.4)
    timers (4.0.4)
      hitimes
    unf (0.1.4)
      unf_ext
    unf_ext (0.0.7.5)

PLATFORMS
  ruby

DEPENDENCIES
  apiaryio

BUNDLED WITH
   1.16.1
